GEM
  remote: https://rubygems.org/
  specs:
    activesupport (7.0.4)
      concurrent-ruby (~> 1.0, >= 1.0.2)
      i18n (>= 1.6, < 2)
      minitest (>= 5.1)
      tzinfo (~> 2.0)
    array_include_methods (1.4.0)
    awesome_print (1.9.2)
    clipboard (1.3.6)
    concurrent-ruby (1.1.10)
    facets (3.1.0)
    glimmer (2.7.3)
      array_include_methods (~> 1.4.0)
      facets (>= 3.1.0, < 4.0.0)
    glimmer-dsl-tk (0.0.62)
      glimmer (~> 2.7.3)
      puts_debuggerer (~> 0.13.1)
      tk (~> 0.4.0)
    i18n (1.12.0)
      concurrent-ruby (~> 1.0)
    minitest (5.16.3)
    pastel (0.8.0)
      tty-color (~> 0.5)
    puts_debuggerer (0.13.5)
      awesome_print (~> 1.9.2)
    tk (0.4.0)
    tty-color (0.6.0)
    tty-command (0.10.1)
      pastel (~> 0.8)
    tzinfo (2.0.5)
      concurrent-ruby (~> 1.0)
    zeitwerk (2.6.6)

PLATFORMS
  x86_64-linux

DEPENDENCIES
  activesupport (~> 7.0)
  clipboard (~> 1.3)
  glimmer-dsl-tk (~> 0.0.62)
  tty-command (~> 0.10.1)
  zeitwerk (~> 2.6)

BUNDLED WITH
   2.2.33
