GEM
  remote: https://rubygems.org/
  specs:
    array_include_methods (1.4.0)
    awesome_print (1.9.2)
    facets (3.1.0)
    forwardable (1.3.2)
    glimmer (2.7.3)
      array_include_methods (~> 1.4.0)
      facets (>= 3.1.0, < 4.0.0)
    glimmer-dsl-tk (0.0.62)
      glimmer (~> 2.7.3)
      puts_debuggerer (~> 0.13.1)
      tk (~> 0.4.0)
    puts_debuggerer (0.13.5)
      awesome_print (~> 1.9.2)
    tk (0.4.0)

PLATFORMS
  x86_64-linux

DEPENDENCIES
  forwardable (~> 1.3)
  glimmer-dsl-tk (~> 0.0.62)

BUNDLED WITH
   2.2.33
